PATH
  remote: .
  specs:
    suploy (0.0.1)
      bazaar
      gli (= 2.10.0)
      highline
      httparty
      netrc
      rugged
      suploy-api
      terminal-table

GEM
  remote: https://rubygems.org/
  specs:
    aruba (0.5.4)
      childprocess (>= 0.3.6)
      cucumber (>= 1.1.1)
      rspec-expectations (>= 2.7.0)
    bazaar (0.0.2)
    builder (3.2.2)
    childprocess (0.5.3)
      ffi (~> 1.0, >= 1.0.11)
    cucumber (1.3.14)
      builder (>= 2.1.2)
      diff-lcs (>= 1.1.3)
      gherkin (~> 2.12)
      multi_json (>= 1.7.5, < 2.0)
      multi_test (>= 0.1.1)
    diff-lcs (1.2.5)
    excon (0.33.0)
    ffi (1.9.3)
    gherkin (2.12.2)
      multi_json (~> 1.3)
    gli (2.10.0)
    highline (1.6.21)
    httparty (0.13.1)
      json (~> 1.8)
      multi_xml (>= 0.5.2)
    json (1.8.1)
    multi_json (1.9.2)
    multi_test (0.1.1)
    multi_xml (0.5.5)
    netrc (0.7.7)
    rake (10.3.1)
    rdoc (4.1.1)
      json (~> 1.4)
    rspec-expectations (2.14.5)
      diff-lcs (>= 1.1.3, < 2.0)
    rugged (0.19.0)
    suploy-api (0.0.1)
      excon
      json
    terminal-table (1.4.5)

PLATFORMS
  ruby

DEPENDENCIES
  aruba
  bazaar
  highline
  httparty
  netrc
  rake
  rdoc
  rugged
  suploy!
  suploy-api
  terminal-table
